GIT
  remote: https://github.com/mmistakes/jekyll-figure.git
  revision: ff3d17cdf6ca604c276c048b4b849dc9abc95b05
  specs:
    jekyll-figure (0.0.2)

GEM
  remote: https://rubygems.org/
  specs:
    activesupport (4.2.10)
      i18n (~> 0.7)
      minitest (~> 5.1)
      thread_safe (~> 0.3, >= 0.3.4)
      tzinfo (~> 1.1)
    addressable (2.5.2)
      public_suffix (>= 2.0.2, < 4.0)
    algolia_html_extractor (2.2.2)
      awesome_print (~> 1.6)
      json (~> 2.0)
      nokogiri (~> 1.8.2)
    algoliasearch (1.19.1)
      httpclient (~> 2.8.3)
      json (>= 1.5.1)
    awesome_print (1.8.0)
    breakpoint (2.7.1)
      sass (~> 3.3)
      sassy-maps (< 1.0.0)
    colorator (1.1.0)
    colorize (0.8.1)
    concurrent-ruby (1.0.5)
    em-websocket (0.5.1)
      eventmachine (>= 0.12.9)
      http_parser.rb (~> 0.6.0)
    ethon (0.11.0)
      ffi (>= 1.3.0)
    eventmachine (1.2.5)
    eventmachine (1.2.5-x64-mingw32)
    eventmachine (1.2.5-x86-mingw32)
    ffi (1.9.23)
    ffi (1.9.23-x64-mingw32)
    ffi (1.9.23-x86-mingw32)
    filesize (0.1.1)
    forwardable-extended (2.6.0)
    gemoji (3.0.0)
    html-pipeline (2.7.1)
      activesupport (>= 2)
      nokogiri (>= 1.4)
    html-proofer (3.8.0)
      activesupport (>= 4.2, < 6.0)
      addressable (~> 2.3)
      colorize (~> 0.8)
      mercenary (~> 0.3.2)
      nokogiri (~> 1.8.1)
      parallel (~> 1.3)
      typhoeus (~> 1.3)
      yell (~> 2.0)
    http_parser.rb (0.6.0)
    httpclient (2.8.3)
    i18n (0.9.5)
      concurrent-ruby (~> 1.0)
    jekyll (3.7.3)
      addressable (~> 2.4)
      colorator (~> 1.0)
      em-websocket (~> 0.5)
      i18n (~> 0.7)
      jekyll-sass-converter (~> 1.0)
      jekyll-watch (~> 2.0)
      kramdown (~> 1.14)
      liquid (~> 4.0)
      mercenary (~> 0.3.3)
      pathutil (~> 0.9)
      rouge (>= 1.7, < 4)
      safe_yaml (~> 1.0)
    jekyll-algolia (1.1.3)
      algolia_html_extractor (~> 2.2)
      algoliasearch (~> 1.18)
      filesize (~> 0.1)
      jekyll (~> 3.0)
      json (~> 2.0)
      nokogiri (~> 1.6)
      verbal_expressions (~> 0.1.5)
    jekyll-paginate-v2 (1.9.4)
      jekyll (~> 3.0)
    jekyll-sass-converter (1.5.2)
      sass (~> 3.4)
    jekyll-seo-tag (2.4.0)
      jekyll (~> 3.3)
    jekyll-sitemap (1.2.0)
      jekyll (~> 3.3)
    jekyll-tagging (1.1.0)
      nuggets
    jekyll-tagging-related_posts (1.0.0)
      jekyll (~> 3.0)
      jekyll-tagging (~> 1.0)
    jekyll-typogrify (0.3.3)
      titlecase
      typogruby
    jekyll-watch (2.0.0)
      listen (~> 3.0)
    jemoji (0.9.0)
      activesupport (~> 4.0, >= 4.2.9)
      gemoji (~> 3.0)
      html-pipeline (~> 2.2)
      jekyll (~> 3.0)
    json (2.1.0)
    kramdown (1.16.2)
    liquid (4.0.0)
    listen (3.1.5)
      rb-fsevent (~> 0.9, >= 0.9.4)
      rb-inotify (~> 0.9, >= 0.9.7)
      ruby_dep (~> 1.2)
    mercenary (0.3.6)
    mini_portile2 (2.3.0)
    minitest (5.11.3)
    nokogiri (1.8.2)
      mini_portile2 (~> 2.3.0)
    nokogiri (1.8.2-x64-mingw32)
      mini_portile2 (~> 2.3.0)
    nokogiri (1.8.2-x86-mingw32)
      mini_portile2 (~> 2.3.0)
    nuggets (1.5.0)
    parallel (1.12.1)
    pathutil (0.16.1)
      forwardable-extended (~> 2.6)
    public_suffix (3.0.2)
    rake (12.3.0)
    rb-fsevent (0.10.2)
    rb-inotify (0.9.10)
      ffi (>= 0.5.0, < 2)
    rouge (3.1.1)
    ruby_dep (1.5.0)
    rubypants (0.7.0)
    safe_yaml (1.0.4)
    sass (3.5.5)
      sass-listen (~> 4.0.0)
    sass-listen (4.0.0)
      rb-fsevent (~> 0.9, >= 0.9.4)
      rb-inotify (~> 0.9, >= 0.9.7)
    sassy-maps (0.4.0)
      sass (~> 3.3)
    thread_safe (0.3.6)
    titlecase (0.1.1)
    typhoeus (1.3.0)
      ethon (>= 0.9.0)
    typogruby (1.0.18)
      rubypants
    tzinfo (1.2.5)
      thread_safe (~> 0.1)
    verbal_expressions (0.1.5)
    yell (2.0.7)

PLATFORMS
  ruby
  x64-mingw32
  x86-mingw32

DEPENDENCIES
  breakpoint
  html-proofer
  jekyll
  jekyll-algolia
  jekyll-figure!
  jekyll-paginate-v2
  jekyll-seo-tag
  jekyll-sitemap
  jekyll-tagging-related_posts
  jekyll-typogrify
  jemoji
  rake

BUNDLED WITH
   1.16.1
